GEM
  remote: https://rubygems.org/
  specs:
    commonmarker (0.16.0)
      ruby-enum (~> 0.5)
    haml (4.0.7)
      tilt
    i18n (0.8.4)
    ruby-enum (0.7.1)
      i18n
    tilt (2.0.7)

PLATFORMS
  ruby

DEPENDENCIES
  commonmarker
  haml

RUBY VERSION
   ruby 2.4.1p111

BUNDLED WITH
   1.15.0
