GEM
  remote: https://rubygems.org/
  specs:
    commonmarker (0.16.0)
      ruby-enum (~> 0.5)
    haml (5.0.0)
      temple (>= 0.8.0)
      tilt
    i18n (0.8.4)
    ruby-enum (0.7.1)
      i18n
    temple (0.8.2)
    tilt (2.0.10)

PLATFORMS
  ruby

DEPENDENCIES
  commonmarker
  haml

RUBY VERSION
   ruby 2.5.0p0

BUNDLED WITH
   1.16.1
