GEM
  remote: https://rubygems.org/
  specs:
    commonmarker (1.0.4)
      rb_sys (~> 0.9)
    csv (3.2.8)
    haml (6.3.0)
      temple (>= 0.8.2)
      thor
      tilt
    rb_sys (0.9.90)
    temple (0.10.3)
    thor (1.3.1)
    tilt (2.3.0)

PLATFORMS
  ruby

DEPENDENCIES
  commonmarker
  csv (~> 3.2)
  haml

RUBY VERSION
   ruby 3.3.1p55

BUNDLED WITH
   2.5.6
